GEM
  remote: https://rubygems.org/
  specs:
    jruby-jars (9.3.8.0)
    jruby-rack (1.1.22)
    rake (13.0.6)
    rubyzip (2.3.2)
    tanraku (1.0.1)
    warbler (1.3.8)
      jruby-jars (>= 1.5.6)
      jruby-rack (>= 1.0.0)
      rake (>= 0.9.6)
      rubyzip (>= 0.9.8)

PLATFORMS
  x64-mingw-ucrt

DEPENDENCIES
  rubyzip
  tanraku
  warbler

BUNDLED WITH
   2.3.7
